GEM
  remote: https://rubygems.org/
  specs:
    geocoder (1.2.8)

PLATFORMS
  ruby

DEPENDENCIES
  geocoder
